PATH
  remote: ..
  specs:
    administrate-field-active_storage (0.3.7)
      administrate (>= 0.2.2)
      rails (>= 6.0)

GEM
  remote: https://rubygems.org/
  specs:
    actioncable (6.1.1)
      actionpack (= 6.1.1)
      activesupport (= 6.1.1)
      nio4r (~> 2.0)
      websocket-driver (>= 0.6.1)
    actionmailbox (6.1.1)
      actionpack (= 6.1.1)
      activejob (= 6.1.1)
      activerecord (= 6.1.1)
      activestorage (= 6.1.1)
      activesupport (= 6.1.1)
      mail (>= 2.7.1)
    actionmailer (6.1.1)
      actionpack (= 6.1.1)
      actionview (= 6.1.1)
      activejob (= 6.1.1)
      activesupport (= 6.1.1)
      mail (~> 2.5, >= 2.5.4)
      rails-dom-testing (~> 2.0)
    actionpack (6.1.1)
      actionview (= 6.1.1)
      activesupport (= 6.1.1)
      rack (~> 2.0, >= 2.0.9)
      rack-test (>= 0.6.3)
      rails-dom-testing (~> 2.0)
      rails-html-sanitizer (~> 1.0, >= 1.2.0)
    actiontext (6.1.1)
      actionpack (= 6.1.1)
      activerecord (= 6.1.1)
      activestorage (= 6.1.1)
      activesupport (= 6.1.1)
      nokogiri (>= 1.8.5)
    actionview (6.1.1)
      activesupport (= 6.1.1)
      builder (~> 3.1)
      erubi (~> 1.4)
      rails-dom-testing (~> 2.0)
      rails-html-sanitizer (~> 1.1, >= 1.2.0)
    activejob (6.1.1)
      activesupport (= 6.1.1)
      globalid (>= 0.3.6)
    activemodel (6.1.1)
      activesupport (= 6.1.1)
    activerecord (6.1.1)
      activemodel (= 6.1.1)
      activesupport (= 6.1.1)
    activestorage (6.1.1)
      actionpack (= 6.1.1)
      activejob (= 6.1.1)
      activerecord (= 6.1.1)
      activesupport (= 6.1.1)
      marcel (~> 0.3.1)
      mimemagic (~> 0.3.2)
    activesupport (6.1.1)
      concurrent-ruby (~> 1.0, >= 1.0.2)
      i18n (>= 1.6, < 2)
      minitest (>= 5.1)
      tzinfo (~> 2.0)
      zeitwerk (~> 2.3)
    addressable (2.7.0)
      public_suffix (>= 2.0.2, < 5.0)
    administrate (0.14.0)
      actionpack (>= 4.2)
      actionview (>= 4.2)
      activerecord (>= 4.2)
      autoprefixer-rails (>= 6.0)
      datetime_picker_rails (~> 0.0.7)
      jquery-rails (>= 4.0)
      kaminari (>= 1.0)
      momentjs-rails (~> 2.8)
      sassc-rails (~> 2.1)
      selectize-rails (~> 0.6)
    autoprefixer-rails (10.2.0.0)
      execjs
    bindex (0.8.1)
    builder (3.2.4)
    byebug (11.1.3)
    capybara (3.34.0)
      addressable
      mini_mime (>= 0.1.3)
      nokogiri (~> 1.8)
      rack (>= 1.6.0)
      rack-test (>= 0.6.3)
      regexp_parser (~> 1.5)
      xpath (~> 3.2)
    childprocess (3.0.0)
    concurrent-ruby (1.1.8)
    crass (1.0.6)
    datetime_picker_rails (0.0.7)
      momentjs-rails (>= 2.8.1)
    erubi (1.10.0)
    execjs (2.7.0)
    ffi (1.14.2)
    globalid (0.4.2)
      activesupport (>= 4.2.0)
    i18n (1.8.7)
      concurrent-ruby (~> 1.0)
    jquery-rails (4.4.0)
      rails-dom-testing (>= 1, < 3)
      railties (>= 4.2.0)
      thor (>= 0.14, < 2.0)
    kaminari (1.2.1)
      activesupport (>= 4.1.0)
      kaminari-actionview (= 1.2.1)
      kaminari-activerecord (= 1.2.1)
      kaminari-core (= 1.2.1)
    kaminari-actionview (1.2.1)
      actionview
      kaminari-core (= 1.2.1)
    kaminari-activerecord (1.2.1)
      activerecord
      kaminari-core (= 1.2.1)
    kaminari-core (1.2.1)
    loofah (2.9.0)
      crass (~> 1.0.2)
      nokogiri (>= 1.5.9)
    mail (2.7.1)
      mini_mime (>= 0.1.1)
    marcel (0.3.3)
      mimemagic (~> 0.3.2)
    method_source (1.0.0)
    mimemagic (0.3.5)
    mini_mime (1.0.2)
    minitest (5.14.3)
    momentjs-rails (2.20.1)
      railties (>= 3.1)
    nio4r (2.5.8)
    nokogiri (1.11.1-x86_64-darwin)
      racc (~> 1.4)
    nokogiri (1.11.1-x86_64-linux)
      racc (~> 1.4)
    public_suffix (4.0.6)
    puma (5.5.1)
      nio4r (~> 2.0)
    racc (1.5.2)
    rack (2.2.3)
    rack-mini-profiler (2.3.0)
      rack (>= 1.2.0)
    rack-test (1.1.0)
      rack (>= 1.0, < 3)
    rails (6.1.1)
      actioncable (= 6.1.1)
      actionmailbox (= 6.1.1)
      actionmailer (= 6.1.1)
      actionpack (= 6.1.1)
      actiontext (= 6.1.1)
      actionview (= 6.1.1)
      activejob (= 6.1.1)
      activemodel (= 6.1.1)
      activerecord (= 6.1.1)
      activestorage (= 6.1.1)
      activesupport (= 6.1.1)
      bundler (>= 1.15.0)
      railties (= 6.1.1)
      sprockets-rails (>= 2.0.0)
    rails-dom-testing (2.0.3)
      activesupport (>= 4.2.0)
      nokogiri (>= 1.6)
    rails-html-sanitizer (1.3.0)
      loofah (~> 2.3)
    railties (6.1.1)
      actionpack (= 6.1.1)
      activesupport (= 6.1.1)
      method_source
      rake (>= 0.8.7)
      thor (~> 1.0)
    rake (13.0.3)
    regexp_parser (1.8.2)
    rubyzip (2.3.0)
    sass-rails (6.0.0)
      sassc-rails (~> 2.1, >= 2.1.1)
    sassc (2.4.0)
      ffi (~> 1.9)
    sassc-rails (2.1.2)
      railties (>= 4.0.0)
      sassc (>= 2.0)
      sprockets (> 3.0)
      sprockets-rails
      tilt
    selectize-rails (0.12.6)
    selenium-webdriver (3.142.7)
      childprocess (>= 0.5, < 4.0)
      rubyzip (>= 1.2.2)
    sprockets (4.0.2)
      concurrent-ruby (~> 1.0)
      rack (> 1, < 3)
    sprockets-rails (3.2.2)
      actionpack (>= 4.0)
      activesupport (>= 4.0)
      sprockets (>= 3.0.0)
    sqlite3 (1.4.2)
    thor (1.1.0)
    tilt (2.0.10)
    tzinfo (2.0.4)
      concurrent-ruby (~> 1.0)
    web-console (4.1.0)
      actionview (>= 6.0.0)
      activemodel (>= 6.0.0)
      bindex (>= 0.4.0)
      railties (>= 6.0.0)
    websocket-driver (0.7.3)
      websocket-extensions (>= 0.1.0)
    websocket-extensions (0.1.5)
    xpath (3.2.0)
      nokogiri (~> 1.8)
    zeitwerk (2.4.2)

PLATFORMS
  x86_64-darwin-20
  x86_64-linux

DEPENDENCIES
  administrate (~> 0.14.0)
  administrate-field-active_storage!
  byebug
  capybara (>= 3.26)
  puma (~> 5.5)
  rack-mini-profiler (~> 2.0)
  rails (~> 6.1.1)
  sass-rails (>= 6)
  selenium-webdriver
  sqlite3 (~> 1.4)
  tzinfo-data
  web-console (>= 4.1.0)

RUBY VERSION
   ruby 3.0.0p0

BUNDLED WITH
   2.2.5
